GEM
  remote: https://rubygems.org/
  specs:
    reveal.rb (0.4.0)

PLATFORMS
  ruby

DEPENDENCIES
  reveal.rb (= 0.4.0)

BUNDLED WITH
   1.10.6
